GEM
  remote: https://rubygems.org/
  specs:
    mini_portile2 (2.2.0)
    mysql2 (0.4.9)
    mysql2 (0.4.9-x64-mingw32)
    net-sftp (2.1.2)
      net-ssh (>= 2.6.5)
    net-ssh (4.2.0)
    nokogiri (1.8.0)
      mini_portile2 (~> 2.2.0)
    nokogiri (1.8.0-x64-mingw32)
      mini_portile2 (~> 2.2.0)

PLATFORMS
  ruby
  x64-mingw32

DEPENDENCIES
  mysql2
  net-sftp
  nokogiri

BUNDLED WITH
   1.15.4
